PATH
  remote: .
  specs:
    imperfect (0.0.1)
      aws-sdk (~> 1.7.1)
      pagerduty (~> 1.3.2)

GEM
  remote: https://rubygems.org/
  specs:
    addressable (2.3.2)
    aws-sdk (1.7.1)
      httparty (~> 0.7)
      json (~> 1.4)
      nokogiri (>= 1.4.4)
      uuidtools (~> 2.1)
    coderay (1.0.8)
    crack (0.3.1)
    diff-lcs (1.1.3)
    guard (1.5.4)
      listen (>= 0.4.2)
      lumberjack (>= 1.0.2)
      pry (>= 0.9.10)
      thor (>= 0.14.6)
    guard-rspec (2.3.1)
      guard (>= 1.1)
      rspec (~> 2.11)
    httparty (0.9.0)
      multi_json (~> 1.0)
      multi_xml
    json (1.4.6)
    listen (0.6.0)
    lumberjack (1.0.2)
    method_source (0.8.1)
    multi_json (1.5.0)
    multi_xml (0.5.1)
    nokogiri (1.5.5)
    pagerduty (1.3.2)
      json (~> 1.4.6)
    pry (0.9.10)
      coderay (~> 1.0.5)
      method_source (~> 0.8)
      slop (~> 3.3.1)
    rb-fsevent (0.9.2)
    rspec (2.12.0)
      rspec-core (~> 2.12.0)
      rspec-expectations (~> 2.12.0)
      rspec-mocks (~> 2.12.0)
    rspec-core (2.12.1)
    rspec-expectations (2.12.0)
      diff-lcs (~> 1.1.3)
    rspec-mocks (2.12.0)
    slop (3.3.3)
    thor (0.16.0)
    uuidtools (2.1.3)
    vcr (2.3.0)
    webmock (1.9.0)
      addressable (>= 2.2.7)
      crack (>= 0.1.7)

PLATFORMS
  ruby

DEPENDENCIES
  bundler (~> 1.2.0)
  guard-rspec (~> 2.3.1)
  imperfect!
  listen (~> 0.6.0)
  rb-fsevent (~> 0.9.1)
  rspec (~> 2.12.0)
  vcr (~> 2.3.0)
  webmock (~> 1.9.0)
